GEM
  remote: https://rubygems.org/
  specs:
    ast (2.4.3)
    base64 (0.3.0)
    bcdice (3.16.1)
      i18n (~> 1.8.5)
      racc (~> 1.7.3)
    concurrent-ruby (1.3.5)
    i18n (1.8.11)
      concurrent-ruby (~> 1.0)
    logger (1.7.0)
    multi_json (1.17.0)
    mustermann (3.0.4)
      ruby2_keywords (~> 0.0.1)
    nio4r (2.7.4)
    parallel (1.27.0)
    parser (3.3.9.0)
      ast (~> 2.4.1)
      racc
    power_assert (2.0.5)
    prism (1.5.1)
    puma (6.6.1)
      nio4r (~> 2.0)
    racc (1.7.3)
    rack (3.2.1)
    rack-protection (4.1.1)
      base64 (>= 0.1.0)
      logger (>= 1.6.0)
      rack (>= 3.0.0, < 4)
    rack-session (2.1.1)
      base64 (>= 0.1.0)
      rack (>= 3.0.0)
    rack-test (2.1.0)
      rack (>= 1.3)
    rackup (2.2.1)
      rack (>= 3)
    rainbow (3.1.1)
    rake (13.3.0)
    regexp_parser (2.11.3)
    rexml (3.4.4)
    rubocop (1.15.0)
      parallel (~> 1.10)
      parser (>= 3.0.0.0)
      rainbow (>= 2.2.2, < 4.0)
      regexp_parser (>= 1.8, < 3.0)
      rexml
      rubocop-ast (>= 1.5.0, < 2.0)
      ruby-progressbar (~> 1.7)
      unicode-display_width (>= 1.4.0, < 3.0)
    rubocop-ast (1.46.0)
      parser (>= 3.3.7.2)
      prism (~> 1.4)
    ruby-progressbar (1.13.0)
    ruby2_keywords (0.0.5)
    sinatra (4.1.1)
      logger (>= 1.6.0)
      mustermann (~> 3.0)
      rack (>= 3.0.0, < 4)
      rack-protection (= 4.1.1)
      rack-session (>= 2.0.0, < 3)
      tilt (~> 2.0)
    sinatra-contrib (4.1.1)
      multi_json (>= 0.0.2)
      mustermann (~> 3.0)
      rack-protection (= 4.1.1)
      sinatra (= 4.1.1)
      tilt (~> 2.0)
    test-unit (3.7.0)
      power_assert
    tilt (2.6.1)
    tomlrb (2.0.3)
    unicode-display_width (2.6.0)

PLATFORMS
  x64-mingw-ucrt
  x86_64-linux

DEPENDENCIES
  bcdice (~> 3.0)
  puma (~> 6.4)
  rack-test (~> 2.1.0)
  rackup (~> 2.1)
  rake (~> 13.0)
  rubocop (~> 1.15.0)
  sinatra (~> 4.0)
  sinatra-contrib (~> 4.0)
  test-unit (~> 3.3)
  tomlrb

BUNDLED WITH
   2.7.2
